GIT
  remote: git://github.com/martkaru/ruleby.git
  revision: 2f2267f28d1862e23a9aa634c955d8aa20574016
  branch: new_dsl
  specs:
    ruleby (0.9.b7)

GEM
  remote: http://rubygems.org/
  specs:
    diff-lcs (1.1.3)
    rspec (2.10.0)
      rspec-core (~> 2.10.0)
      rspec-expectations (~> 2.10.0)
      rspec-mocks (~> 2.10.0)
    rspec-core (2.10.0)
    rspec-expectations (2.10.0)
      diff-lcs (~> 1.1.3)
    rspec-mocks (2.10.1)

PLATFORMS
  ruby

DEPENDENCIES
  rspec
  ruleby!
