GIT
  remote: git://github.com/Codalytics/ruleby.git
  revision: c0764570ef85e8d714462942c686047854340256
  branch: new_dsl
  specs:
    ruleby (0.9.b7)

GEM
  remote: http://rubygems.org/
  specs:
    diff-lcs (1.1.3)
    rspec (2.10.0)
      rspec-core (~> 2.10.0)
      rspec-expectations (~> 2.10.0)
      rspec-mocks (~> 2.10.0)
    rspec-core (2.10.0)
    rspec-expectations (2.10.0)
      diff-lcs (~> 1.1.3)
    rspec-mocks (2.10.1)

PLATFORMS
  ruby

DEPENDENCIES
  rspec
  ruleby!
