GIT
  remote: git://github.com/martkaru/ruleby.git
  revision: 0162f8c7f18709c547e8a7d4c6de2016e2697c9b
  branch: new_dsl
  specs:
    ruleby (0.9.b7)

GEM
  remote: http://rubygems.org/
  specs:
    diff-lcs (1.1.3)
    rspec (2.10.0)
      rspec-core (~> 2.10.0)
      rspec-expectations (~> 2.10.0)
      rspec-mocks (~> 2.10.0)
    rspec-core (2.10.0)
    rspec-expectations (2.10.0)
      diff-lcs (~> 1.1.3)
    rspec-mocks (2.10.1)

PLATFORMS
  ruby

DEPENDENCIES
  rspec
  ruleby!
